PATH
  remote: .
  specs:
    sequel-bit_fields (1.3.0)
      sequel (~> 3.34)

GEM
  remote: https://rubygems.org/
  specs:
    diff-lcs (1.3)
    rake (12.0.0)
    rspec (2.99.0)
      rspec-core (~> 2.99.0)
      rspec-expectations (~> 2.99.0)
      rspec-mocks (~> 2.99.0)
    rspec-core (2.99.2)
    rspec-expectations (2.99.2)
      diff-lcs (>= 1.1.3, < 2.0)
    rspec-mocks (2.99.4)
    sequel (3.48.0)
    sqlite3 (1.3.13)
    watchr (0.7)

PLATFORMS
  ruby

DEPENDENCIES
  bundler
  rake
  rspec (~> 2)
  sequel-bit_fields!
  sqlite3
  watchr

BUNDLED WITH
   1.15.1
